PATH
  remote: .
  specs:
    automation_framework (0.0.1)
      awesome_print
      builder
      bundler (~> 1.3)
      colorize
      cucumber (~> 1.2)
      faker
      hydra
      json (~> 1.7.7)
      log4r (>= 1.1.9)
      log4r-color (~> 1.2)
      nokogiri (>= 1.4.3.1)
      parallel_tests
      rack (= 1.5.0)
      rake (= 10.0.4)
      rally_rest_api
      rest-client
      rspec (~> 2.11)
      rspec-extra-formatters (~> 1.0.0)
      selenium-webdriver
      selenium_fury (~> 1.0.x)
      symboltable
      test-unit

GEM
  remote: https://rubygems.org/
  specs:
    awesome_print (1.1.0)
    builder (3.2.2)
    childprocess (0.3.9)
      ffi (~> 1.0, >= 1.0.11)
    colorize (0.5.8)
    cucumber (1.3.5)
      builder (>= 2.1.2)
      diff-lcs (>= 1.1.3)
      gherkin (~> 2.12.0)
      multi_json (~> 1.7.5)
      multi_test (>= 0.0.2)
    diff-lcs (1.2.4)
    faker (1.2.0)
      i18n (~> 0.5)
    ffi (1.9.0-java)
    ffi (1.9.0-x86-mingw32)
    gherkin (2.12.0-java)
      multi_json (~> 1.3)
    gherkin (2.12.0-x86-mingw32)
      multi_json (~> 1.3)
    hydra (0.24.0)
    i18n (0.6.4)
    json (1.7.7)
    json (1.7.7-java)
    log4r (1.1.10)
    log4r-color (1.2.2)
      colorize
      scribe
    mime-types (1.23)
    mini_portile (0.5.1)
    multi_json (1.7.7)
    multi_test (0.0.2)
    nokogiri (1.6.0-java)
      mini_portile (~> 0.5.0)
    nokogiri (1.6.0-x86-mingw32)
      mini_portile (~> 0.5.0)
    parallel (0.7.1)
    parallel_tests (0.15.0)
      parallel
    rack (1.5.0)
    rake (10.0.4)
    rally_rest_api (1.1.0)
    rest-client (1.6.7)
      mime-types (>= 1.16)
    rspec (2.14.1)
      rspec-core (~> 2.14.0)
      rspec-expectations (~> 2.14.0)
      rspec-mocks (~> 2.14.0)
    rspec-core (2.14.4)
    rspec-expectations (2.14.0)
      diff-lcs (>= 1.1.3, < 2.0)
    rspec-extra-formatters (1.0.0)
    rspec-mocks (2.14.2)
    rubyzip (0.9.9)
    scribe (0.2.4)
      rake
      thrift_client (~> 0.6)
    selenium-webdriver (2.33.0)
      childprocess (>= 0.2.5)
      multi_json (~> 1.0)
      rubyzip
      websocket (~> 1.0.4)
    selenium_fury (1.0.2)
      nokogiri
      selenium-webdriver
    symboltable (1.0.2)
    test-unit (2.5.5)
    thrift (0.9.0)
    thrift_client (0.9.2)
      thrift (~> 0.9.0)
    websocket (1.0.7)

PLATFORMS
  java
  x86-mingw32

DEPENDENCIES
  automation_framework!
